GEM
  remote: http://rubygems.org/
  specs:
    curb (0.7.9)
    diff-lcs (1.1.2)
    hpricot (0.8.3)
    rspec (2.4.0)
      rspec-core (~> 2.4.0)
      rspec-expectations (~> 2.4.0)
      rspec-mocks (~> 2.4.0)
    rspec-core (2.4.0)
    rspec-expectations (2.4.0)
      diff-lcs (~> 1.1.2)
    rspec-mocks (2.4.0)

PLATFORMS
  ruby

DEPENDENCIES
  curb
  hpricot
  rspec
